PATH
  remote: .
  specs:
    tabulator-rails (0.2.5)

GEM
  remote: https://rubygems.org/
  specs:
    rake (10.5.0)

PLATFORMS
  ruby

DEPENDENCIES
  bundler (~> 1.16)
  rake (~> 10.0)
  tabulator-rails!

BUNDLED WITH
   1.16.1
